GEM
  remote: https://rubygems.org/
  specs:
    os (1.0.1)

PLATFORMS
  ruby

DEPENDENCIES
  os (~> 1.0)

BUNDLED WITH
   2.0.2
